GEM
  remote: https://rubygems.org/
  specs:
    chinese_convt (0.1.3)
    insensitive_hash (0.3.3)
    mini_portile (0.5.1)
    nokogiri (1.6.0)
      mini_portile (~> 0.5.0)

PLATFORMS
  ruby

DEPENDENCIES
  chinese_convt
  insensitive_hash
  nokogiri

BUNDLED WITH
   1.10.4
